STORAGE: NONE
NUGET
  remote: https://api.nuget.org/v3/index.json
    Fable.Browser.Blob (1.1) - restriction: >= netstandard2.0
      Fable.Core (>= 3.0) - restriction: >= netstandard2.0
      FSharp.Core (>= 4.6.2) - restriction: >= netstandard2.0
    Fable.Browser.Dom (1.1) - restriction: >= netstandard2.0
      Fable.Browser.Blob (>= 1.1) - restriction: >= netstandard2.0
      Fable.Browser.Event (>= 1.0) - restriction: >= netstandard2.0
      Fable.Browser.WebStorage (>= 1.0) - restriction: >= netstandard2.0
      Fable.Core (>= 3.0) - restriction: >= netstandard2.0
      FSharp.Core (>= 4.6.2) - restriction: >= netstandard2.0
    Fable.Browser.Event (1.0) - restriction: >= netstandard2.0
      Fable.Core (>= 3.0) - restriction: >= netstandard2.0
      FSharp.Core (>= 4.5.2) - restriction: >= netstandard2.0
    Fable.Browser.WebStorage (1.0) - restriction: >= netstandard2.0
      Fable.Browser.Event (>= 1.0) - restriction: >= netstandard2.0
      Fable.Core (>= 3.0) - restriction: >= netstandard2.0
      FSharp.Core (>= 4.5.2) - restriction: >= netstandard2.0
    Fable.Browser.XMLHttpRequest (1.1) - restriction: >= netstandard2.0
      Fable.Browser.Blob (>= 1.1) - restriction: >= netstandard2.0
      Fable.Browser.Event (>= 1.0) - restriction: >= netstandard2.0
      Fable.Core (>= 3.0) - restriction: >= netstandard2.0
      FSharp.Core (>= 4.6.2) - restriction: >= netstandard2.0
    Fable.Core (3.1.5)
      FSharp.Core (>= 4.7) - restriction: >= netstandard2.0
    Fable.Elmish (3.0.6) - restriction: >= netstandard2.0
      Fable.Core (>= 3.0) - restriction: >= netstandard2.0
      FSharp.Core (>= 4.6.2) - restriction: >= netstandard2.0
    Fable.Elmish.React (3.0.1)
      Fable.Core (>= 3.0) - restriction: >= netstandard2.0
      Fable.Elmish (>= 3.0) - restriction: >= netstandard2.0
      Fable.React (>= 5.1) - restriction: >= netstandard2.0
      FSharp.Core (>= 4.6.2) - restriction: >= netstandard2.0
    Fable.React (6.0)
      Fable.Browser.Dom (>= 1.0) - restriction: >= netstandard2.0
      Fable.Core (>= 3.1.5) - restriction: >= netstandard2.0
      FSharp.Core (>= 4.7) - restriction: >= netstandard2.0
    Fable.SimpleHttp (2.6)
      Fable.Browser.Dom (>= 1.0) - restriction: >= netstandard2.0
      Fable.Browser.XMLHttpRequest (>= 1.1) - restriction: >= netstandard2.0
      Fable.Core (>= 3.0) - restriction: >= netstandard2.0
      FSharp.Core (>= 4.6.2) - restriction: >= netstandard2.0
    Feliz (0.68.3) - restriction: >= netstandard2.0
      Fable.Core (>= 3.1.1) - restriction: >= netstandard2.0
      Fable.React (>= 5.3.2) - restriction: >= netstandard2.0
      FSharp.Core (>= 4.7) - restriction: >= netstandard2.0
    Feliz.Router (1.7.1)
      Fable.Core (>= 3.1.2) - restriction: >= netstandard2.0
      Fable.Elmish (>= 3.0.5) - restriction: >= netstandard2.0
      Feliz (>= 0.68.3) - restriction: >= netstandard2.0
      FSharp.Core (>= 4.7) - restriction: >= netstandard2.0
    FSharp.Core (4.7)
    Zanaptak.TypedCssClasses (0.2)
      FSharp.Core (>= 4.3.4) - restriction: || (>= net452) (>= netstandard2.0)

GROUP Build
RESTRICTION: >= net45
NUGET
  remote: https://api.nuget.org/v3/index.json
    Fable.MochaPuppeteerRunner (1.1)
      FSharp.Core (>= 4.6.2) - restriction: && (>= net45) (>= netstandard2.0)
      PuppeteerSharp (>= 1.17.1) - restriction: && (>= net45) (>= netstandard2.0)
      Suave (>= 2.5.5) - restriction: && (>= net45) (>= netstandard2.0)
    FAKE (4.64.18)
    FSharp.Core (4.7.1) - restriction: && (>= net45) (>= netstandard2.0)
    Microsoft.AspNetCore.WebUtilities (2.2) - restriction: && (>= net45) (>= netstandard2.0)
      Microsoft.Net.Http.Headers (>= 2.2) - restriction: && (>= net45) (>= netstandard2.0)
      System.Text.Encodings.Web (>= 4.5) - restriction: && (>= net45) (>= netstandard2.0)
    Microsoft.Bcl.AsyncInterfaces (1.1) - restriction: && (>= net45) (>= netstandard2.0)
      System.Threading.Tasks.Extensions (>= 4.5.2) - restriction: || (&& (>= net45) (>= netstandard2.0)) (&& (>= net45) (>= netstandard2.1)) (>= net461)
    Microsoft.Extensions.Configuration (3.1.3) - restriction: && (>= net45) (>= netstandard2.0)
      Microsoft.Extensions.Configuration.Abstractions (>= 3.1.3)
    Microsoft.Extensions.Configuration.Abstractions (3.1.3) - restriction: && (>= net45) (>= netstandard2.0)
      Microsoft.Extensions.Primitives (>= 3.1.3)
    Microsoft.Extensions.Configuration.Binder (3.1.3) - restriction: && (>= net45) (>= netstandard2.0)
      Microsoft.Extensions.Configuration (>= 3.1.3)
    Microsoft.Extensions.DependencyInjection (3.1.3) - restriction: && (>= net45) (>= netstandard2.0)
      Microsoft.Bcl.AsyncInterfaces (>= 1.1) - restriction: || (&& (>= net45) (>= netstandard2.0)) (>= net461)
      Microsoft.Extensions.DependencyInjection.Abstractions (>= 3.1.3)
    Microsoft.Extensions.DependencyInjection.Abstractions (3.1.3) - restriction: && (>= net45) (>= netstandard2.0)
    Microsoft.Extensions.Logging (3.1.3) - restriction: && (>= net45) (>= netstandard2.0)
      Microsoft.Extensions.Configuration.Binder (>= 3.1.3)
      Microsoft.Extensions.DependencyInjection (>= 3.1.3)
      Microsoft.Extensions.Logging.Abstractions (>= 3.1.3)
      Microsoft.Extensions.Options (>= 3.1.3)
    Microsoft.Extensions.Logging.Abstractions (3.1.3) - restriction: && (>= net45) (>= netstandard2.0)
    Microsoft.Extensions.Options (3.1.3) - restriction: && (>= net45) (>= netstandard2.0)
      Microsoft.Extensions.DependencyInjection.Abstractions (>= 3.1.3)
      Microsoft.Extensions.Primitives (>= 3.1.3)
      System.ComponentModel.Annotations (>= 4.7) - restriction: && (>= net45) (>= netstandard2.0)
    Microsoft.Extensions.Primitives (3.1.3) - restriction: && (>= net45) (>= netstandard2.0)
      System.Memory (>= 4.5.2) - restriction: && (>= net45) (>= netstandard2.0)
      System.Runtime.CompilerServices.Unsafe (>= 4.7.1) - restriction: && (>= net45) (>= netstandard2.0)
    Microsoft.Net.Http.Headers (2.2.8) - restriction: && (>= net45) (>= netstandard2.0)
      Microsoft.Extensions.Primitives (>= 2.2) - restriction: && (>= net45) (>= netstandard2.0)
      System.Buffers (>= 4.5) - restriction: && (>= net45) (>= netstandard2.0)
    Newtonsoft.Json (12.0.3) - restriction: && (>= net45) (>= netstandard2.0)
    PuppeteerSharp (2.0.3) - restriction: && (>= net45) (>= netstandard2.0)
      Microsoft.AspNetCore.WebUtilities (>= 2.0.2) - restriction: && (>= net45) (>= netstandard2.0)
      Microsoft.Bcl.AsyncInterfaces (>= 1.1) - restriction: && (>= net45) (>= netstandard2.0)
      Microsoft.Extensions.Logging (>= 2.0.2) - restriction: && (>= net45) (>= netstandard2.0)
      Newtonsoft.Json (>= 10.0.3) - restriction: && (>= net45) (>= netstandard2.0)
      System.Net.Http (>= 4.3.3) - restriction: && (>= net45) (>= netstandard2.0)
      System.Threading.Tasks.Extensions (>= 4.5.2) - restriction: && (>= net45) (>= netstandard2.0)
    Suave (2.5.6) - restriction: && (>= net45) (>= netstandard2.0)
      FSharp.Core (>= 4.3.4) - restriction: || (&& (>= net45) (>= netstandard2.0)) (>= net461)
    System.Buffers (4.5.1) - restriction: || (&& (>= net45) (>= netstandard2.0) (>= uap10.1)) (&& (>= net45) (>= uap10.1) (>= xamarinios)) (&& (>= net45) (>= uap10.1) (>= xamarinmac)) (&& (>= net461) (>= netstandard2.0)) (&& (>= net461) (>= xamarinios)) (&& (>= net461) (>= xamarinmac))
    System.ComponentModel.Annotations (4.7) - restriction: && (>= net45) (>= netstandard2.0)
    System.IO (4.3) - restriction: || (&& (< net46) (>= net461) (>= netstandard2.0)) (&& (>= net463) (>= netstandard2.0))
    System.Memory (4.5.4) - restriction: || (&& (>= net45) (>= netstandard2.0) (>= uap10.1)) (&& (>= net461) (>= netstandard2.0))
      System.Buffers (>= 4.5.1)
      System.Numerics.Vectors (>= 4.5) - restriction: >= net461
      System.Runtime.CompilerServices.Unsafe (>= 4.5.3)
    System.Net.Http (4.3.4) - restriction: && (>= net45) (>= netstandard2.0)
      System.Security.Cryptography.X509Certificates (>= 4.3) - restriction: >= net46
    System.Numerics.Vectors (4.5) - restriction: && (>= net461) (>= netstandard2.0)
    System.Runtime (4.3.1) - restriction: || (&& (< net46) (>= net461) (>= netstandard2.0)) (&& (>= net463) (>= netstandard2.0))
    System.Runtime.CompilerServices.Unsafe (4.7.1) - restriction: || (&& (>= net45) (>= netstandard2.0)) (&& (>= net461) (>= netstandard2.0))
    System.Security.Cryptography.Algorithms (4.3.1) - restriction: || (&& (>= net46) (< netstandard1.4) (>= netstandard2.0)) (&& (>= net461) (>= netstandard2.0))
      System.IO (>= 4.3) - restriction: || (&& (>= net45) (< net46) (>= netstandard1.3) (< netstandard1.4)) (&& (>= net45) (< net46) (>= netstandard1.4) (< netstandard1.6)) (&& (>= net45) (< net46) (>= netstandard1.6)) (>= net463)
      System.Runtime (>= 4.3) - restriction: || (&& (>= net45) (< net46) (>= netstandard1.3) (< netstandard1.4)) (&& (>= net45) (< net46) (>= netstandard1.4) (< netstandard1.6)) (&& (>= net45) (< net46) (>= netstandard1.6)) (>= net463)
      System.Security.Cryptography.Encoding (>= 4.3) - restriction: || (&& (>= net45) (< net46) (>= netstandard1.6)) (>= net463)
      System.Security.Cryptography.Primitives (>= 4.3) - restriction: || (&& (>= net45) (< net46) (>= netstandard1.3) (< netstandard1.4)) (&& (>= net45) (< net46) (>= netstandard1.4) (< netstandard1.6)) (&& (>= net45) (< net46) (>= netstandard1.6)) (&& (>= net46) (< netstandard1.4)) (&& (>= net461) (< netstandard1.6)) (>= net463)
    System.Security.Cryptography.Encoding (4.3) - restriction: || (&& (>= net46) (< netstandard1.4) (>= netstandard2.0)) (&& (>= net461) (>= netstandard2.0))
    System.Security.Cryptography.Primitives (4.3) - restriction: || (&& (>= net46) (< netstandard1.4) (>= netstandard2.0)) (&& (< net46) (>= net461) (>= netstandard2.0)) (&& (>= net461) (< netstandard1.4) (>= netstandard2.0)) (&& (>= net461) (< netstandard1.6) (>= netstandard2.0)) (&& (>= net463) (>= netstandard2.0))
    System.Security.Cryptography.X509Certificates (4.3.2) - restriction: && (>= net46) (>= netstandard2.0)
      System.Security.Cryptography.Algorithms (>= 4.3) - restriction: || (&& (>= net45) (< net46) (>= netstandard1.3) (< netstandard1.4)) (&& (>= net45) (< net46) (>= netstandard1.4) (< netstandard1.6)) (&& (>= net45) (< net46) (>= netstandard1.6)) (&& (>= net46) (< netstandard1.4)) (>= net461)
      System.Security.Cryptography.Encoding (>= 4.3) - restriction: || (&& (>= net45) (< net46) (>= netstandard1.3) (< netstandard1.4)) (&& (>= net45) (< net46) (>= netstandard1.4) (< netstandard1.6)) (&& (>= net45) (< net46) (>= netstandard1.6)) (&& (>= net46) (< netstandard1.4)) (>= net461)
    System.Text.Encodings.Web (4.7) - restriction: && (>= net45) (>= netstandard2.0)
      System.Memory (>= 4.5.3) - restriction: || (&& (>= net45) (>= uap10.1)) (>= net461)
    System.Threading.Tasks.Extensions (4.5.4) - restriction: && (>= net45) (>= netstandard2.0)
      System.Runtime.CompilerServices.Unsafe (>= 4.5.3)
